GEM
  remote: https://rubygems.org/
  specs:
    childprocess (3.0.0)
    mini_magick (4.11.0)
    rubyzip (2.3.2)
    selenium-webdriver (3.142.7)
      childprocess (>= 0.5, < 4.0)
      rubyzip (>= 1.2.2)

PLATFORMS
  ruby

DEPENDENCIES
  mini_magick
  selenium-webdriver (~> 3.142)

BUNDLED WITH
   2.1.4
