GEM
  remote: https://rubygems.org/
  specs:
    childprocess (4.1.0)
    mini_magick (4.11.0)
    rexml (3.2.5)
    rubyzip (2.3.2)
    selenium-webdriver (4.0.0)
      childprocess (>= 0.5, < 5.0)
      rexml (~> 3.2, >= 3.2.5)
      rubyzip (>= 1.2.2)

PLATFORMS
  ruby

DEPENDENCIES
  mini_magick
  selenium-webdriver

BUNDLED WITH
   2.1.4
